PATH
  remote: .
  specs:
    open_qq (0.0.1)

GEM
  remote: http://rubygems.org/
  specs:
    ansi (1.4.3)
    minitest (3.3.0)
    rake (0.9.2.2)
    turn (0.9.6)
      ansi
    yard (0.8.2.1)

PLATFORMS
  ruby

DEPENDENCIES
  minitest
  open_qq!
  rake
  turn
  yard
