PATH
  remote: .
  specs:
    open_qq (3.0.3)
      activesupport

GEM
  remote: http://rubygems.org/
  specs:
    activesupport (3.2.8)
      i18n (~> 0.6)
      multi_json (~> 1.0)
    ansi (1.4.3)
    fakeweb (1.3.0)
    i18n (0.6.0)
    minitest (3.3.0)
    multi_json (1.3.6)
    rake (0.9.2.2)
    turn (0.9.6)
      ansi
    yard (0.8.2.1)

PLATFORMS
  ruby

DEPENDENCIES
  fakeweb
  minitest
  open_qq!
  rake
  turn
  yard
